STORAGE: NONE
RESTRICTION: || (== net5.0) (== net6.0) (== netstandard2.0) (== netstandard2.1)
NUGET
  remote: https://api.nuget.org/v3/index.json
    Dapr.Actors (1.8)
      Dapr.Client (>= 1.8) - restriction: || (== net5.0) (== net6.0) (&& (== netstandard2.0) (>= netcoreapp3.1)) (&& (== netstandard2.1) (>= netcoreapp3.1))
      Microsoft.Extensions.Logging.Abstractions (>= 3.1) - restriction: || (== net5.0) (== net6.0) (&& (== netstandard2.0) (>= netcoreapp3.1)) (&& (== netstandard2.1) (>= netcoreapp3.1))
    Dapr.Actors.AspNetCore (1.8)
      Dapr.Actors (>= 1.8) - restriction: || (== net5.0) (== net6.0) (&& (== netstandard2.0) (>= netcoreapp3.1)) (&& (== netstandard2.1) (>= netcoreapp3.1))
      System.IO.Pipelines (>= 4.7.2) - restriction: || (== net5.0) (== net6.0) (&& (== netstandard2.0) (>= netcoreapp3.1)) (&& (== netstandard2.1) (>= netcoreapp3.1))
    Dapr.AspNetCore (1.8)
      Dapr.Client (>= 1.8) - restriction: || (== net5.0) (== net6.0) (&& (== netstandard2.0) (>= netcoreapp3.1)) (&& (== netstandard2.1) (>= netcoreapp3.1))
      System.IO.Pipelines (>= 4.7.2) - restriction: || (== net5.0) (== net6.0) (&& (== netstandard2.0) (>= netcoreapp3.1)) (&& (== netstandard2.1) (>= netcoreapp3.1))
    Dapr.Client (1.8)
      Google.Api.CommonProtos (>= 2.2) - restriction: || (== net5.0) (== net6.0) (&& (== netstandard2.0) (>= netcoreapp3.1)) (&& (== netstandard2.1) (>= netcoreapp3.1))
      Google.Protobuf (>= 3.15) - restriction: || (== net5.0) (== net6.0) (&& (== netstandard2.0) (>= netcoreapp3.1)) (&& (== netstandard2.1) (>= netcoreapp3.1))
      Grpc.Net.Client (>= 2.32) - restriction: || (== net5.0) (== net6.0) (&& (== netstandard2.0) (>= netcoreapp3.1)) (&& (== netstandard2.1) (>= netcoreapp3.1))
      System.Net.Http.Json (>= 5.0) - restriction: || (== net5.0) (== net6.0) (&& (== netstandard2.0) (>= netcoreapp3.1)) (&& (== netstandard2.1) (>= netcoreapp3.1))
    Dapr.Extensions.Configuration (1.8)
      Dapr.Client (>= 1.8) - restriction: || (== net5.0) (== net6.0) (&& (== netstandard2.0) (>= netcoreapp3.1)) (&& (== netstandard2.1) (>= netcoreapp3.1))
      Microsoft.Extensions.Configuration (>= 3.1.2) - restriction: || (== net5.0) (== net6.0) (&& (== netstandard2.0) (>= netcoreapp3.1)) (&& (== netstandard2.1) (>= netcoreapp3.1))
    FSharp.Core (6.0.5)
    FSharp.SystemTextJson (0.19.13)
      FSharp.Core (>= 4.7)
      System.Text.Json (>= 6.0)
    FsToolkit.ErrorHandling (2.13)
      FSharp.Core (>= 4.7.2)
    Giraffe (6.0)
      FSharp.Core (>= 6.0.1) - restriction: || (&& (== net5.0) (>= net6.0)) (== net6.0) (&& (== netstandard2.0) (>= net6.0)) (&& (== netstandard2.1) (>= net6.0))
      Giraffe.ViewEngine (>= 1.3) - restriction: || (&& (== net5.0) (>= net6.0)) (== net6.0) (&& (== netstandard2.0) (>= net6.0)) (&& (== netstandard2.1) (>= net6.0))
      Microsoft.IO.RecyclableMemoryStream (>= 2.2) - restriction: || (&& (== net5.0) (>= net6.0)) (== net6.0) (&& (== netstandard2.0) (>= net6.0)) (&& (== netstandard2.1) (>= net6.0))
      Newtonsoft.Json (>= 13.0.1) - restriction: || (&& (== net5.0) (>= net6.0)) (== net6.0) (&& (== netstandard2.0) (>= net6.0)) (&& (== netstandard2.1) (>= net6.0))
      System.Text.Json (>= 6.0.2) - restriction: || (&& (== net5.0) (>= net6.0)) (== net6.0) (&& (== netstandard2.0) (>= net6.0)) (&& (== netstandard2.1) (>= net6.0))
      Utf8Json (>= 1.3.7) - restriction: || (&& (== net5.0) (>= net6.0)) (== net6.0) (&& (== netstandard2.0) (>= net6.0)) (&& (== netstandard2.1) (>= net6.0))
    Giraffe.ViewEngine (1.4) - restriction: || (&& (== net5.0) (>= net6.0)) (== net6.0) (&& (== netstandard2.0) (>= net6.0)) (&& (== netstandard2.1) (>= net6.0))
      FSharp.Core (>= 5.0)
    Google.Api.CommonProtos (2.6) - restriction: || (== net5.0) (== net6.0) (&& (== netstandard2.0) (>= netcoreapp3.1)) (&& (== netstandard2.1) (>= netcoreapp3.1))
      Google.Protobuf (>= 3.21 < 4.0)
    Google.Protobuf (3.21.4) - restriction: || (== net5.0) (== net6.0) (&& (== netstandard2.0) (>= netcoreapp3.1)) (&& (== netstandard2.1) (>= netcoreapp3.1))
    Grpc.Core.Api (2.47) - restriction: || (== net5.0) (== net6.0) (&& (== netstandard2.0) (>= netcoreapp3.1)) (&& (== netstandard2.1) (>= netcoreapp3.1))
      System.Memory (>= 4.5.3)
    Grpc.Net.Client (2.47) - restriction: || (== net5.0) (== net6.0) (&& (== netstandard2.0) (>= netcoreapp3.1)) (&& (== netstandard2.1) (>= netcoreapp3.1))
      Grpc.Net.Common (>= 2.47)
      Microsoft.Extensions.Logging.Abstractions (>= 3.0.3)
    Grpc.Net.Common (2.47) - restriction: || (== net5.0) (== net6.0) (&& (== netstandard2.0) (>= netcoreapp3.1)) (&& (== netstandard2.1) (>= netcoreapp3.1))
      Grpc.Core.Api (>= 2.47)
    Microsoft.Extensions.Configuration (6.0.1) - restriction: || (== net5.0) (== net6.0) (&& (== netstandard2.0) (>= netcoreapp3.1)) (&& (== netstandard2.1) (>= netcoreapp3.1))
      Microsoft.Extensions.Configuration.Abstractions (>= 6.0)
      Microsoft.Extensions.Primitives (>= 6.0)
    Microsoft.Extensions.Configuration.Abstractions (6.0) - restriction: || (== net5.0) (== net6.0) (&& (== netstandard2.0) (>= netcoreapp3.1)) (&& (== netstandard2.1) (>= netcoreapp3.1))
      Microsoft.Extensions.Primitives (>= 6.0)
    Microsoft.Extensions.Logging.Abstractions (6.0.1) - restriction: || (== net5.0) (== net6.0) (&& (== netstandard2.0) (>= netcoreapp3.1)) (&& (== netstandard2.1) (>= netcoreapp3.1))
      System.Buffers (>= 4.5.1) - restriction: || (== net5.0) (&& (== net6.0) (>= net461)) (== netstandard2.0) (== netstandard2.1)
      System.Memory (>= 4.5.4) - restriction: || (== net5.0) (&& (== net6.0) (>= net461)) (== netstandard2.0) (== netstandard2.1)
    Microsoft.Extensions.Primitives (6.0) - restriction: || (== net5.0) (== net6.0) (&& (== netstandard2.0) (>= netcoreapp3.1)) (&& (== netstandard2.1) (>= netcoreapp3.1))
      System.Runtime.CompilerServices.Unsafe (>= 6.0)
    Microsoft.IO.RecyclableMemoryStream (2.2) - restriction: || (&& (== net5.0) (>= net6.0)) (== net6.0) (&& (== netstandard2.0) (>= net6.0)) (&& (== netstandard2.1) (>= net6.0))
    Newtonsoft.Json (13.0.1) - restriction: || (&& (== net5.0) (>= net6.0)) (== net6.0) (&& (== netstandard2.0) (>= net6.0)) (&& (== netstandard2.1) (>= net6.0))
    System.Buffers (4.5.1) - restriction: || (== net5.0) (&& (== net6.0) (== netstandard2.0)) (&& (== net6.0) (== netstandard2.1)) (&& (== net6.0) (>= net461)) (&& (== netstandard2.0) (>= netcoreapp3.1)) (&& (== netstandard2.1) (>= netcoreapp3.1))
    System.IO.Pipelines (6.0.3) - restriction: || (== net5.0) (== net6.0) (&& (== netstandard2.0) (>= netcoreapp3.1)) (&& (== netstandard2.1) (>= netcoreapp3.1))
    System.Memory (4.5.5) - restriction: || (== net5.0) (== net6.0) (&& (== netstandard2.0) (>= netcoreapp3.1)) (&& (== netstandard2.1) (>= netcoreapp3.1))
    System.Net.Http.Json (6.0) - restriction: || (== net5.0) (== net6.0) (&& (== netstandard2.0) (>= netcoreapp3.1)) (&& (== netstandard2.1) (>= netcoreapp3.1))
      System.Text.Json (>= 6.0)
    System.Reflection.Emit (4.7) - restriction: || (&& (== net5.0) (>= net6.0)) (== net6.0) (&& (== netstandard2.0) (>= net6.0)) (&& (== netstandard2.1) (>= net6.0))
    System.Reflection.Emit.Lightweight (4.7) - restriction: || (&& (== net5.0) (>= net6.0)) (== net6.0) (&& (== netstandard2.0) (>= net6.0)) (&& (== netstandard2.1) (>= net6.0))
    System.Runtime.CompilerServices.Unsafe (6.0) - restriction: || (== net5.0) (== net6.0) (&& (== netstandard2.0) (>= net6.0)) (&& (== netstandard2.0) (>= netcoreapp3.1)) (&& (== netstandard2.1) (>= net6.0)) (&& (== netstandard2.1) (>= netcoreapp3.1))
    System.Text.Encodings.Web (6.0) - restriction: || (&& (== net5.0) (>= net6.0)) (== net6.0) (&& (== netstandard2.0) (>= net6.0)) (&& (== netstandard2.1) (>= net6.0))
      System.Runtime.CompilerServices.Unsafe (>= 6.0)
    System.Text.Json (6.0.5)
      System.Runtime.CompilerServices.Unsafe (>= 6.0)
      System.Text.Encodings.Web (>= 6.0)
    System.Threading.Tasks.Extensions (4.5.4) - restriction: || (&& (== net5.0) (>= net6.0)) (== net6.0) (&& (== netstandard2.0) (>= net6.0)) (&& (== netstandard2.1) (>= net6.0))
    System.ValueTuple (4.5) - restriction: || (&& (== net5.0) (>= net6.0)) (== net6.0) (&& (== netstandard2.0) (>= net6.0)) (&& (== netstandard2.1) (>= net6.0))
    Utf8Json (1.3.7) - restriction: || (&& (== net5.0) (>= net6.0)) (== net6.0) (&& (== netstandard2.0) (>= net6.0)) (&& (== netstandard2.1) (>= net6.0))
      System.Reflection.Emit (>= 4.3)
      System.Reflection.Emit.Lightweight (>= 4.3)
      System.Threading.Tasks.Extensions (>= 4.4)
      System.ValueTuple (>= 4.4)
